GEM
  remote: http://rubygems.org/
  specs:
    backports (2.6.4)
    docverter (0.0.4)
      rest-client (~> 1.6.7)
    eventmachine (1.0.0)
    foreman (0.60.2)
      thor (>= 0.13.6)
    kgio (2.7.4)
    mime-types (1.19)
    rack (1.4.1)
    rack-protection (1.2.0)
      rack
    rack-test (0.6.2)
      rack (>= 1.0)
    raindrops (0.10.0)
    rake (0.9.2.2)
    rest-client (1.6.7)
      mime-types (>= 1.16)
    shotgun (0.9)
      rack (>= 1.0)
    sinatra (1.3.3)
      rack (~> 1.3, >= 1.3.6)
      rack-protection (~> 1.2)
      tilt (~> 1.3, >= 1.3.3)
    sinatra-contrib (1.3.1)
      backports (>= 2.0)
      eventmachine
      rack-protection
      rack-test
      sinatra (~> 1.3.0)
      tilt (~> 1.3)
    thor (0.16.0)
    tilt (1.3.3)
    unicorn (4.4.0)
      kgio (~> 2.6)
      rack
      raindrops (~> 0.7)

PLATFORMS
  ruby

DEPENDENCIES
  docverter
  foreman
  rake
  shotgun
  sinatra
  sinatra-contrib
  unicorn
