GEM
  remote: http://rubygems.org/
  specs:
    backports (2.6.4)
    docverter (0.0.3)
      rest-client (~> 1.6.7)
    eventmachine (1.0.0)
    foreman (0.27.0)
      term-ansicolor (~> 1.0.5)
      thor (>= 0.13.6)
    kgio (2.7.0)
    mime-types (1.19)
    rack (1.3.5)
    rack-protection (1.1.4)
      rack
    rack-test (0.6.2)
      rack (>= 1.0)
    raindrops (0.8.0)
    rake (0.9.2.2)
    rest-client (1.6.7)
      mime-types (>= 1.16)
    shotgun (0.9)
      rack (>= 1.0)
    sinatra (1.3.1)
      rack (~> 1.3, >= 1.3.4)
      rack-protection (~> 1.1, >= 1.1.2)
      tilt (~> 1.3, >= 1.3.3)
    sinatra-contrib (1.3.1)
      backports (>= 2.0)
      eventmachine
      rack-protection
      rack-test
      sinatra (~> 1.3.0)
      tilt (~> 1.3)
    term-ansicolor (1.0.7)
    thor (0.14.6)
    tilt (1.3.3)
    unicorn (4.1.1)
      kgio (~> 2.4)
      rack
      raindrops (~> 0.6)

PLATFORMS
  ruby

DEPENDENCIES
  docverter
  foreman
  rake
  shotgun
  sinatra
  sinatra-contrib
  unicorn
