GEM
  remote: http://rubygems.org/
  specs:
    backports (2.6.4)
    eventmachine (1.0.0)
    foreman (0.27.0)
      term-ansicolor (~> 1.0.5)
      thor (>= 0.13.6)
    kgio (2.7.0)
    libxml-ruby (2.2.2)
    rack (1.3.5)
    rack-force_domain (0.2.0)
    rack-protection (1.1.4)
      rack
    rack-test (0.6.2)
      rack (>= 1.0)
    raindrops (0.8.0)
    rake (0.9.2.2)
    ratom (0.6.10)
      libxml-ruby (>= 1.1.2)
    redcarpet (2.0.1)
    redis (3.0.1)
    redis-namespace (1.2.1)
      redis (~> 3.0.0)
    shotgun (0.9)
      rack (>= 1.0)
    sinatra (1.3.1)
      rack (~> 1.3, >= 1.3.4)
      rack-protection (~> 1.1, >= 1.1.2)
      tilt (~> 1.3, >= 1.3.3)
    sinatra-contrib (1.3.1)
      backports (>= 2.0)
      eventmachine
      rack-protection
      rack-test
      sinatra (~> 1.3.0)
      tilt (~> 1.3)
    split (0.4.5)
      redis (>= 2.1)
      redis-namespace (>= 1.1.0)
      sinatra (>= 1.2.6)
    term-ansicolor (1.0.7)
    thor (0.14.6)
    tilt (1.3.3)
    unicorn (4.1.1)
      kgio (~> 2.4)
      rack
      raindrops (~> 0.6)

PLATFORMS
  ruby

DEPENDENCIES
  foreman
  rack-force_domain
  rake
  ratom
  redcarpet
  shotgun
  sinatra
  sinatra-contrib
  split
  unicorn
